STORAGE: NONE
RESTRICTION: || (== net6.0) (== net8.0) (== netstandard2.0) (== netstandard2.1)
NUGET
  remote: https://api.nuget.org/v3/index.json
    Fable.Core (4.2)
    FSharp.Core (4.7.2)

GROUP Build
STORAGE: NONE
RESTRICTION: == net8.0
NUGET
  remote: https://api.nuget.org/v3/index.json
    Fake.Core.CommandLineParsing (6.0)
      FParsec (>= 1.1.1)
      FSharp.Core (>= 6.0.3)
    Fake.Core.Context (6.0)
      FSharp.Core (>= 6.0.3)
    Fake.Core.Environment (6.0)
      FSharp.Core (>= 6.0.3)
    Fake.Core.FakeVar (6.0)
      Fake.Core.Context (>= 6.0)
      FSharp.Core (>= 6.0.3)
    Fake.Core.Process (6.0)
      Fake.Core.Environment (>= 6.0)
      Fake.Core.FakeVar (>= 6.0)
      Fake.Core.String (>= 6.0)
      Fake.Core.Trace (>= 6.0)
      Fake.IO.FileSystem (>= 6.0)
      FSharp.Core (>= 6.0.3)
      System.Collections.Immutable (>= 6.0)
    Fake.Core.String (6.0)
      FSharp.Core (>= 6.0.3)
    Fake.Core.Target (6.0)
      Fake.Core.CommandLineParsing (>= 6.0)
      Fake.Core.Context (>= 6.0)
      Fake.Core.Environment (>= 6.0)
      Fake.Core.FakeVar (>= 6.0)
      Fake.Core.Process (>= 6.0)
      Fake.Core.String (>= 6.0)
      Fake.Core.Trace (>= 6.0)
      FSharp.Control.Reactive (>= 5.0.2)
      FSharp.Core (>= 6.0.3)
    Fake.Core.Trace (6.0)
      Fake.Core.Environment (>= 6.0)
      Fake.Core.FakeVar (>= 6.0)
      FSharp.Core (>= 6.0.3)
    Fake.IO.FileSystem (6.0)
      Fake.Core.String (>= 6.0)
      Fake.Core.Trace (>= 6.0)
      FSharp.Core (>= 6.0.3)
    FParsec (1.1.1)
      FSharp.Core (>= 4.3.4)
    FSharp.Control.Reactive (5.0.5)
      FSharp.Core (>= 4.7.2)
      System.Reactive (>= 5.0 < 6.0)
    FSharp.Core (8.0.100)
    System.Collections.Immutable (8.0)
    System.Reactive (5.0)

GROUP Test
STORAGE: NONE
RESTRICTION: == net8.0
NUGET
  remote: https://api.nuget.org/v3/index.json
    Fable.Core (4.2)
    FSharp.Core (8.0.100)
    Microsoft.CodeCoverage (17.8)
    Microsoft.NET.Test.Sdk (16.11)
      Microsoft.CodeCoverage (>= 16.11)
      Microsoft.TestPlatform.TestHost (>= 16.11)
    Microsoft.NETCore.Platforms (7.0.4)
    Microsoft.TestPlatform.ObjectModel (17.8)
      NuGet.Frameworks (>= 6.5)
      System.Reflection.Metadata (>= 1.6)
    Microsoft.TestPlatform.TestHost (17.8)
      Microsoft.TestPlatform.ObjectModel (>= 17.8)
      Newtonsoft.Json (>= 13.0.1)
    NETStandard.Library (2.0.3)
      Microsoft.NETCore.Platforms (>= 1.1)
    Newtonsoft.Json (13.0.3)
    NuGet.Frameworks (6.8)
    System.Collections.Immutable (8.0)
    System.Reflection.Metadata (8.0)
      System.Collections.Immutable (>= 8.0)
    XUnit (2.6.2)
      xunit.analyzers (>= 1.6)
      xunit.assert (>= 2.6.2)
      xunit.core (2.6.2)
    xunit.abstractions (2.0.3)
    xunit.analyzers (1.6)
    xunit.assert (2.6.2)
    xunit.core (2.6.2)
      xunit.extensibility.core (2.6.2)
      xunit.extensibility.execution (2.6.2)
    xunit.extensibility.core (2.6.2)
      NETStandard.Library (>= 1.6.1)
      xunit.abstractions (>= 2.0.3)
    xunit.extensibility.execution (2.6.2)
      NETStandard.Library (>= 1.6.1)
      xunit.extensibility.core (2.6.2)
    xunit.runner.visualstudio (2.5.4)
